GEM
  remote: https://rubygems.org/
  specs:
    addressable (2.8.0)
      public_suffix (>= 2.0.2, < 5.0)
    commander (4.4.6)
      highline (~> 1.7.2)
    faraday (0.17.3)
      multipart-post (>= 1.2, < 3)
    highline (1.7.10)
    linterbot (0.2.7)
      commander (~> 4.3)
      octokit (~> 4.2)
    multipart-post (2.0.0)
    octokit (4.15.0)
      faraday (>= 0.9)
      sawyer (~> 0.8.0, >= 0.5.3)
    public_suffix (4.0.6)
    sawyer (0.8.2)
      addressable (>= 2.3.5)
      faraday (> 0.8, < 2.0)

PLATFORMS
  ruby

DEPENDENCIES
  linterbot (= 0.2.7)

BUNDLED WITH
   1.17.3
